GEM
  remote: http://rubygems.org/
  specs:
    activesupport (3.1.0)
      multi_json (~> 1.0)
    addressable (2.2.6)
    builder (2.1.2)
    daemons (1.1.4)
    diff-lcs (1.1.3)
    eventmachine (0.12.10)
    faraday (0.7.4)
      addressable (~> 2.2.6)
      multipart-post (~> 1.1.0)
      rack (>= 1.1.0, < 2)
    i18n (0.5.0)
    multi_json (1.0.3)
    multipart-post (1.1.3)
    nokogiri (1.5.0)
    proxies (0.2.1)
    rack (1.3.3)
    rack-protection (1.1.0)
      rack
    rspec (2.6.0)
      rspec-core (~> 2.6.0)
      rspec-expectations (~> 2.6.0)
      rspec-mocks (~> 2.6.0)
    rspec-core (2.6.4)
    rspec-expectations (2.6.0)
      diff-lcs (~> 1.1.2)
    rspec-mocks (2.6.0)
    s3 (0.3.8)
      proxies (~> 0.2.0)
    sinatra (1.3.0.f)
      rack (~> 1.3)
      rack-protection (~> 1.1)
      tilt (~> 1.3)
    thin (1.2.11)
      daemons (>= 1.0.9)
      eventmachine (>= 0.12.6)
      rack (>= 1.0.0)
    tilt (1.3.3)
    yajl-ruby (1.0.0)

PLATFORMS
  ruby

DEPENDENCIES
  activesupport (~> 3.0)
  builder (~> 2.1.2)
  faraday (~> 0.7.4)
  i18n (~> 0.5.0)
  nokogiri (~> 1.5.0)
  rspec
  s3 (~> 0.3.8)
  sinatra (~> 1.3.0.f)
  thin
  yajl-ruby
